GEM
  remote: https://rubygems.org/
  specs:
    builder (3.2.0)
    childprocess (0.3.9)
      ffi (~> 1.0, >= 1.0.11)
    cucumber (1.3.1)
      builder (>= 2.1.2)
      diff-lcs (>= 1.1.3)
      gherkin (~> 2.12.0)
      multi_json (~> 1.3)
    data_magic (0.14)
      faker (>= 1.1.2)
      yml_reader (>= 0.2)
    diff-lcs (1.2.4)
    faker (1.1.2)
      i18n (~> 0.5)
    ffi (1.8.1-x86-mingw32)
    gherkin (2.12.0-x86-mingw32)
      multi_json (~> 1.3)
    i18n (0.6.4)
    json (1.7.7)
    multi_json (1.7.3)
    page-object (0.8.10)
      page_navigation (>= 0.8)
      selenium-webdriver (>= 2.32.1)
      watir-webdriver (>= 0.6.4)
    page_navigation (0.9)
      data_magic (>= 0.14)
    parallel (0.6.4)
    parallel_tests (0.12.1)
      parallel
    rake (10.0.4)
    require_all (1.2.1)
    rspec (2.13.0)
      rspec-core (~> 2.13.0)
      rspec-expectations (~> 2.13.0)
      rspec-mocks (~> 2.13.0)
    rspec-core (2.13.1)
    rspec-expectations (2.13.0)
      diff-lcs (>= 1.1.3, < 2.0)
    rspec-extra-formatters (1.0.0)
    rspec-mocks (2.13.1)
    rubyzip (0.9.9)
    selenium-webdriver (2.32.1)
      childprocess (>= 0.2.5)
      multi_json (~> 1.0)
      rubyzip
      websocket (~> 1.0.4)
    syntax (1.0.0)
    watir-webdriver (0.6.4)
      selenium-webdriver (>= 2.18.0)
    websocket (1.0.7)
    yml_reader (0.2)

PLATFORMS
  x86-mingw32

DEPENDENCIES
  cucumber
  json (~> 1.7.7)
  page-object
  parallel_tests
  rake
  require_all
  rspec
  rspec-expectations
  rspec-extra-formatters
  syntax
